PATH
  remote: .
  specs:
    freshfreckle (0.0.1)
      letsfreckle-client (~> 0.2.1)
      methadone (~> 1.2.4)
      ruby-freshbooks (~> 0.4.1)

GEM
  remote: https://rubygems.org/
  specs:
    addressable (2.3.3)
    aruba (0.5.1)
      childprocess (~> 0.3.6)
      cucumber (>= 1.1.1)
      rspec-expectations (>= 2.7.0)
    builder (3.1.4)
    childprocess (0.3.8)
      ffi (~> 1.0, >= 1.0.11)
    cucumber (1.2.1)
      builder (>= 2.1.2)
      diff-lcs (>= 1.1.3)
      gherkin (~> 2.11.0)
      json (>= 1.4.6)
    diff-lcs (1.1.3)
    faraday (0.7.6)
      addressable (~> 2.2)
      multipart-post (~> 1.1)
      rack (~> 1.1)
    faraday_middleware (0.7.0)
      faraday (~> 0.7.3)
    ffi (1.4.0)
    gherkin (2.11.6)
      json (>= 1.7.6)
    hashie (1.1.0)
    httparty (0.10.0)
      multi_json (~> 1.0)
      multi_xml
    json (1.7.7)
    letsfreckle-client (0.2.1)
      faraday (~> 0.7.4)
      faraday_middleware (~> 0.7.0)
      hashie (~> 1.1.0)
      multi_xml (~> 0.2.0)
    methadone (1.2.4)
      bundler
    multi_json (1.6.1)
    multi_xml (0.2.2)
    multipart-post (1.1.5)
    rack (1.5.2)
    rake (0.9.6)
    rdoc (3.12.1)
      json (~> 1.4)
    rspec (2.12.0)
      rspec-core (~> 2.12.0)
      rspec-expectations (~> 2.12.0)
      rspec-mocks (~> 2.12.0)
    rspec-core (2.12.2)
    rspec-expectations (2.12.1)
      diff-lcs (~> 1.1.3)
    rspec-mocks (2.12.2)
    ruby-freshbooks (0.4.1)
      builder (>= 2.1.2)
      httparty (>= 0.5.0)

PLATFORMS
  ruby

DEPENDENCIES
  aruba
  freshfreckle!
  rake (~> 0.9.2)
  rdoc
  rspec
